GIT
  remote: https://github.com/abitno/rails-timeago.git
  revision: ef59ed14f09f9215e21d4c1bc7fba4f12cf43bd0
  specs:
    rails-timeago (1.4.2)
      actionpack (>= 3.1)
      activesupport (>= 3.1)

GIT
  remote: https://github.com/al/mongoid-slug.git
  revision: 0cecc07e0398b5bace253f1848d888a081db6ef7
  branch: bugfix-find
  specs:
    mongoid_slug (0.10.0)
      mongoid (~> 3.0)
      stringex (~> 1.4)

GIT
  remote: https://github.com/jnicklas/carrierwave-mongoid.git
  revision: 28a9b718d42b8aba47d2eb951f73bd9d872b6eb0
  branch: mongoid-3.0
  specs:
    carrierwave-mongoid (0.3.0.alpha)
      carrierwave (~> 0.6.1)
      mongoid (~> 3.0.0)
      mongoid-grid_fs (~> 1.3.1)

GEM
  remote: https://rubygems.org/
  specs:
    actionmailer (3.2.8)
      actionpack (= 3.2.8)
      mail (~> 2.4.4)
    actionpack (3.2.8)
      activemodel (= 3.2.8)
      activesupport (= 3.2.8)
      builder (~> 3.0.0)
      erubis (~> 2.7.0)
      journey (~> 1.0.4)
      rack (~> 1.4.0)
      rack-cache (~> 1.2)
      rack-test (~> 0.6.1)
      sprockets (~> 2.1.3)
    activemodel (3.2.8)
      activesupport (= 3.2.8)
      builder (~> 3.0.0)
    activerecord (3.2.8)
      activemodel (= 3.2.8)
      activesupport (= 3.2.8)
      arel (~> 3.0.2)
      tzinfo (~> 0.3.29)
    activeresource (3.2.8)
      activemodel (= 3.2.8)
      activesupport (= 3.2.8)
    activesupport (3.2.8)
      i18n (~> 0.6)
      multi_json (~> 1.0)
    arel (3.0.2)
    bcrypt-ruby (3.0.1)
    builder (3.0.0)
    capistrano (2.13.3)
      highline
      net-scp (>= 1.0.0)
      net-sftp (>= 2.0.0)
      net-ssh (>= 2.0.14)
      net-ssh-gateway (>= 1.1.0)
    carrierwave (0.6.2)
      activemodel (>= 3.2.0)
      activesupport (>= 3.2.0)
    coderay (1.0.7)
    dalli (2.1.0)
    devise (2.1.2)
      bcrypt-ruby (~> 3.0)
      orm_adapter (~> 0.1)
      railties (~> 3.1)
      warden (~> 1.2.1)
    erubis (2.7.0)
    execjs (1.4.0)
      multi_json (~> 1.0)
    fspath (2.0.4)
    highline (1.6.14)
    hike (1.2.1)
    i18n (0.6.0)
    image_optim (0.5.1)
      fspath (~> 2.0.3)
      image_size (~> 1.1)
      in_threads (~> 1.1.1)
      progress (~> 2.4.0)
    image_size (1.1.1)
    in_threads (1.1.1)
    journey (1.0.4)
    jquery-rails (2.1.1)
      railties (>= 3.1.0, < 5.0)
      thor (~> 0.14)
    json (1.7.5)
    kaminari (0.13.0)
      actionpack (>= 3.0.0)
      activesupport (>= 3.0.0)
      railties (>= 3.0.0)
    kgio (2.7.4)
    mail (2.4.4)
      i18n (>= 0.4.0)
      mime-types (~> 1.16)
      treetop (~> 1.4.8)
    mime-types (1.19)
    mini_magick (3.4)
      subexec (~> 0.2.1)
    mongoid (3.0.5)
      activemodel (~> 3.1)
      moped (~> 1.1)
      origin (~> 1.0)
      tzinfo (~> 0.3.22)
    mongoid-grid_fs (1.3.2)
      mime-types (~> 1.19)
      mongoid (~> 3.0)
    moped (1.2.1)
    multi_json (1.3.6)
    net-scp (1.0.4)
      net-ssh (>= 1.99.1)
    net-sftp (2.0.5)
      net-ssh (>= 2.0.9)
    net-ssh (2.5.2)
    net-ssh-gateway (1.1.0)
      net-ssh (>= 1.99.1)
    nokogiri (1.5.5)
    origin (1.0.7)
    orm_adapter (0.4.0)
    polyglot (0.3.3)
    progress (2.4.0)
    rack (1.4.1)
    rack-cache (1.2)
      rack (>= 0.4)
    rack-ssl (1.3.2)
      rack
    rack-test (0.6.1)
      rack (>= 1.0)
    rails (3.2.8)
      actionmailer (= 3.2.8)
      actionpack (= 3.2.8)
      activerecord (= 3.2.8)
      activeresource (= 3.2.8)
      activesupport (= 3.2.8)
      bundler (~> 1.0)
      railties (= 3.2.8)
    rails_config_i18n (0.3.1.3)
      activesupport (>= 3.0)
      i18n (>= 0.6)
    railties (3.2.8)
      actionpack (= 3.2.8)
      activesupport (= 3.2.8)
      rack-ssl (~> 1.3.2)
      rake (>= 0.8.7)
      rdoc (~> 3.4)
      thor (>= 0.14.6, < 2.0)
    raindrops (0.10.0)
    rake (0.9.2.2)
    rdoc (3.12)
      json (~> 1.4)
    redcarpet (2.1.1)
    rvm-capistrano (1.2.6)
      capistrano (>= 2.0.0)
    sass (3.2.1)
    sass-rails (3.2.5)
      railties (~> 3.2.0)
      sass (>= 3.1.10)
      tilt (~> 1.3)
    sprockets (2.1.3)
      hike (~> 1.2)
      rack (~> 1.0)
      tilt (~> 1.1, != 1.3.0)
    stringex (1.4.0)
    subexec (0.2.2)
    thor (0.16.0)
    tilt (1.3.3)
    treetop (1.4.10)
      polyglot
      polyglot (>= 0.3.1)
    tzinfo (0.3.33)
    uglifier (1.2.7)
      execjs (>= 0.3.0)
      multi_json (~> 1.3)
    unicorn (4.3.1)
      kgio (~> 2.6)
      rack
      raindrops (~> 0.7)
    warden (1.2.1)
      rack (>= 1.0)

PLATFORMS
  ruby

DEPENDENCIES
  capistrano
  carrierwave
  carrierwave-mongoid!
  coderay
  dalli
  devise
  image_optim
  jquery-rails
  kaminari
  mini_magick
  mongoid
  mongoid_slug!
  nokogiri
  rails (= 3.2.8)
  rails-timeago!
  rails_config_i18n
  redcarpet
  rvm-capistrano
  sass-rails
  uglifier
  unicorn
